GEM
  remote: http://ruby.taobao.org/
  specs:
    erlectricity (1.1.1)

PLATFORMS
  ruby

DEPENDENCIES
  erlectricity

BUNDLED WITH
   1.10.3
